GEM
  specs:

PLATFORMS
  ruby
  x86_64-darwin-18

DEPENDENCIES

BUNDLED WITH
   1.17.2
